GEM
  remote: https://rubygems.org/
  specs:
    bson (4.3.0)
    byebug (10.0.0)
    coderay (1.1.2)
    method_source (0.9.0)
    minitest (5.11.3)
    mongo (2.5.1)
      bson (>= 4.3.0, < 5.0.0)
    mustermann (1.0.2)
    pry (0.11.3)
      coderay (~> 1.1.0)
      method_source (~> 0.9.0)
    pry-byebug (3.6.0)
      byebug (~> 10.0)
      pry (~> 0.10)
    puma (3.11.2)
    rack (2.0.4)
    rack-protection (2.0.1)
      rack
    rack-test (0.8.3)
      rack (>= 1.0, < 3)
    rake (12.3.0)
    sinatra (2.0.1)
      mustermann (~> 1.0)
      rack (~> 2.0)
      rack-protection (= 2.0.1)
      tilt (~> 2.0)
    tilt (2.0.8)

PLATFORMS
  ruby

DEPENDENCIES
  minitest
  mongo
  pry-byebug
  puma
  rack
  rack-test
  rake
  sinatra

RUBY VERSION
   ruby 2.5.0p0

BUNDLED WITH
   1.16.1
