GEM
  remote: https://rubygems.org/
  specs:
    bson (4.5.0)
    byebug (11.0.1)
    coderay (1.1.2)
    method_source (0.9.2)
    minitest (5.11.3)
    mongo (2.10.0)
      bson (>= 4.4.2, < 5.0.0)
    mustermann (1.0.3)
    nio4r (2.5.2)
    pry (0.12.2)
      coderay (~> 1.1.0)
      method_source (~> 0.9.0)
    pry-byebug (3.7.0)
      byebug (~> 11.0)
      pry (~> 0.10)
    puma (4.3.5)
      nio4r (~> 2.0)
    rack (2.1.4)
    rack-protection (2.0.5)
      rack
    rack-test (1.1.0)
      rack (>= 1.0, < 3)
    rake (12.3.3)
    sinatra (2.0.5)
      mustermann (~> 1.0)
      rack (~> 2.0)
      rack-protection (= 2.0.5)
      tilt (~> 2.0)
    tilt (2.0.9)

PLATFORMS
  ruby

DEPENDENCIES
  minitest
  mongo
  pry-byebug
  puma
  rack
  rack-test
  rake
  sinatra

RUBY VERSION
   ruby 2.6.3p62

BUNDLED WITH
   1.17.2
