GEM
  remote: https://rubygems.org/
  specs:
    bson (4.0.0)
    byebug (8.2.1)
    coderay (1.1.0)
    json (1.8.3)
    method_source (0.8.2)
    minitest (5.8.3)
    mongo (2.2.1)
      bson (~> 4.0)
    pry (0.10.3)
      coderay (~> 1.1.0)
      method_source (~> 0.8.1)
      slop (~> 3.4)
    pry-byebug (3.3.0)
      byebug (~> 8.0)
      pry (~> 0.10)
    puma (2.15.3)
    rack (1.6.4)
    rack-protection (1.5.3)
      rack
    rack-test (0.6.3)
      rack (>= 1.0)
    sinatra (1.4.6)
      rack (~> 1.4)
      rack-protection (~> 1.4)
      tilt (>= 1.3, < 3)
    slop (3.6.0)
    tilt (2.0.1)

PLATFORMS
  ruby

DEPENDENCIES
  json
  minitest
  mongo
  pry-byebug
  puma
  rack
  rack-test
  sinatra

BUNDLED WITH
   1.11.2
